GIT
  remote: https://github.com/chadrem/workers.git
  revision: d9bc2b9ef8e0d189a6eaa60bd0360319204a3dad
  specs:
    workers (0.6.1)

PATH
  remote: .
  specs:
    tribe (0.6.3)
      workers (~> 0.6.1)

GEM
  remote: https://rubygems.org/
  specs:
    coveralls (0.8.21)
      json (>= 1.8, < 3)
      simplecov (~> 0.14.1)
      term-ansicolor (~> 1.3)
      thor (~> 0.19.4)
      tins (~> 1.6)
    docile (1.1.5)
    json (2.1.0)
    json (2.1.0-java)
    minitest (5.10.3)
    rake (10.5.0)
    simplecov (0.14.1)
      docile (~> 1.1.0)
      json (>= 1.8, < 3)
      simplecov-html (~> 0.10.0)
    simplecov-html (0.10.2)
    term-ansicolor (1.6.0)
      tins (~> 1.0)
    thor (0.19.4)
    tins (1.16.3)

PLATFORMS
  java
  ruby

DEPENDENCIES
  bundler (~> 1.10)
  coveralls
  minitest
  rake (~> 10.0)
  tribe!
  workers!

BUNDLED WITH
   1.16.0
